GEM
  remote: https://rubygems.org/
  specs:
    activemodel (5.2.3)
      activesupport (= 5.2.3)
    activesupport (5.2.3)
      concurrent-ruby (~> 1.0, >= 1.0.2)
      i18n (>= 0.7, < 2)
      minitest (~> 5.1)
      tzinfo (~> 1.1)
    ast (2.4.0)
    builder (3.2.3)
    carrierwave (1.3.1)
      activemodel (>= 4.0.0)
      activesupport (>= 4.0.0)
      mime-types (>= 1.16)
    concurrent-ruby (1.1.5)
    connection_pool (2.2.2)
    delivery_boy (0.2.8)
      king_konf (~> 0.3)
      ruby-kafka (~> 0.7.8)
    diff-lcs (1.3)
    digest-crc (0.4.1)
    dotenv (2.7.5)
    dry-configurable (0.8.3)
      concurrent-ruby (~> 1.0)
      dry-core (~> 0.4, >= 0.4.7)
    dry-container (0.7.2)
      concurrent-ruby (~> 1.0)
      dry-configurable (~> 0.1, >= 0.1.3)
    dry-core (0.4.9)
      concurrent-ruby (~> 1.0)
    dry-equalizer (0.2.2)
    dry-events (0.2.0)
      concurrent-ruby (~> 1.0)
      dry-core (~> 0.4)
      dry-equalizer (~> 0.2)
    dry-inflector (0.1.2)
    dry-initializer (3.0.1)
    dry-logic (0.6.1)
      concurrent-ruby (~> 1.0)
      dry-core (~> 0.2)
      dry-equalizer (~> 0.2)
    dry-monitor (0.3.1)
      dry-configurable (~> 0.5)
      dry-core (~> 0.4)
      dry-equalizer (~> 0.2)
      dry-events (~> 0.1)
    dry-types (0.14.1)
      concurrent-ruby (~> 1.0)
      dry-container (~> 0.3)
      dry-core (~> 0.4, >= 0.4.4)
      dry-equalizer (~> 0.2)
      dry-inflector (~> 0.1, >= 0.1.2)
      dry-logic (~> 0.5, >= 0.5)
    dry-validation (0.13.3)
      concurrent-ruby (~> 1.0)
      dry-configurable (~> 0.1, >= 0.1.3)
      dry-core (~> 0.2, >= 0.2.1)
      dry-equalizer (~> 0.2)
      dry-logic (~> 0.5, >= 0.5.0)
      dry-types (~> 0.14.0)
    envlogic (1.1.0)
      dry-inflector (~> 0.1)
    excon (0.66.0)
    fog-aws (3.5.2)
      fog-core (~> 2.1)
      fog-json (~> 1.1)
      fog-xml (~> 0.1)
      ipaddress (~> 0.8)
    fog-core (2.1.2)
      builder
      excon (~> 0.58)
      formatador (~> 0.2)
      mime-types
    fog-json (1.2.0)
      fog-core
      multi_json (~> 1.10)
    fog-xml (0.1.3)
      fog-core
      nokogiri (>= 1.5.11, < 2.0.0)
    formatador (0.2.5)
    i18n (1.6.0)
      concurrent-ruby (~> 1.0)
    imgkit (1.6.2)
    interactor (3.1.1)
    ipaddress (0.8.3)
    jaro_winkler (1.5.3)
    karafka (1.2.13)
      activesupport (>= 4.0)
      dry-configurable (~> 0.8)
      dry-inflector (~> 0.1)
      dry-monitor (~> 0.3)
      dry-validation (~> 0.11)
      envlogic (~> 1.0)
      multi_json (>= 1.12)
      rake (>= 11.3)
      require_all (>= 1.4)
      ruby-kafka (>= 0.6)
      thor (~> 0.20)
      waterdrop (~> 1.2.4)
    king_konf (0.3.7)
    mime-types (3.2.2)
      mime-types-data (~> 3.2015)
    mime-types-data (3.2019.0331)
    mini_magick (4.9.5)
    mini_portile2 (2.4.0)
    minitest (5.11.3)
    multi_json (1.13.1)
    nokogiri (1.10.8)
      mini_portile2 (~> 2.4.0)
    null-logger (0.1.5)
    parallel (1.17.0)
    parser (2.6.3.0)
      ast (~> 2.4.0)
    rack (2.0.7)
    rack-protection (2.0.5)
      rack
    rainbow (3.0.0)
    rake (12.3.3)
    redis (4.1.2)
    require_all (2.0.0)
    rspec (3.8.0)
      rspec-core (~> 3.8.0)
      rspec-expectations (~> 3.8.0)
      rspec-mocks (~> 3.8.0)
    rspec-core (3.8.2)
      rspec-support (~> 3.8.0)
    rspec-expectations (3.8.4)
      diff-lcs (>= 1.2.0, < 2.0)
      rspec-support (~> 3.8.0)
    rspec-mocks (3.8.1)
      diff-lcs (>= 1.2.0, < 2.0)
      rspec-support (~> 3.8.0)
    rspec-support (3.8.2)
    rubocop (0.74.0)
      jaro_winkler (~> 1.5.1)
      parallel (~> 1.10)
      parser (>= 2.6)
      rainbow (>= 2.2.2, < 4.0)
      ruby-progressbar (~> 1.7)
      unicode-display_width (>= 1.4.0, < 1.7)
    ruby-kafka (0.7.10)
      digest-crc
    ruby-progressbar (1.10.1)
    sidekiq (5.2.7)
      connection_pool (~> 2.2, >= 2.2.2)
      rack (>= 1.5.0)
      rack-protection (>= 1.5.0)
      redis (>= 3.3.5, < 5)
    thor (0.20.3)
    thread_safe (0.3.6)
    tzinfo (1.2.5)
      thread_safe (~> 0.1)
    unicode-display_width (1.6.0)
    waterdrop (1.2.5)
      delivery_boy (~> 0.2)
      dry-configurable (~> 0.8)
      dry-monitor (~> 0.3)
      dry-validation (~> 0.11)
      null-logger (~> 0.1)
      ruby-kafka (>= 0.6)
    wkhtmltoimage-binary (0.12.5)

PLATFORMS
  ruby

DEPENDENCIES
  carrierwave
  dotenv
  dry-initializer
  fog-aws
  imgkit
  interactor (~> 3.0)
  karafka (= 1.2.13)
  mini_magick
  rspec
  rubocop
  sidekiq
  wkhtmltoimage-binary

BUNDLED WITH
   1.17.1
